GEM
  remote: https://rubygems.org/
  specs:
    graphql (2.0.2)
    nio4r (2.5.8)
    puma (5.6.2)
      nio4r (~> 2.0)
    rack (2.2.3)

PLATFORMS
  aarch64-linux

DEPENDENCIES
  graphql
  puma
  rack

BUNDLED WITH
   2.3.3
