GEM
  remote: https://rubygems.org/
  specs:
    adelnor (0.0.6)
      rack
    chespirito (0.0.3)
      adelnor
      rack
    graphql (2.0.2)
    rack (2.2.3)

PLATFORMS
  aarch64-linux
  x86_64-linux

DEPENDENCIES
  adelnor
  chespirito
  graphql
  rack

BUNDLED WITH
   2.3.3
